GEM
  remote: https://rubygems.org/
  specs:
    colorize (0.8.1)

PLATFORMS
  amd64-freebsd-13

DEPENDENCIES
  colorize

BUNDLED WITH
   2.3.14
